GEM
  remote: https://rubygems.org/
  specs:
    dotenv (2.8.1)
    mysql2 (0.5.5)

PLATFORMS
  x64-mingw-ucrt

DEPENDENCIES
  dotenv
  mysql2 (~> 0.5.5)

BUNDLED WITH
   2.4.10
